GEM
  remote: https://rubygems.org/
  specs:
    bcrypt_pbkdf (1.1.0)
    chronic (0.10.2)
    ed25519 (1.3.0)
    net-scp (4.0.0)
      net-ssh (>= 2.6.5, < 8.0.0)
    net-ssh (7.1.0)
    rake (13.0.6)
    rexml (3.3.3)
      strscan
    rss (0.2.9)
      rexml
    strscan (3.1.0)
    taglib-ruby (1.1.3)
    whenever (1.0.0)
      chronic (>= 0.6.3)

PLATFORMS
  x86_64-darwin-22
  x86_64-linux

DEPENDENCIES
  bcrypt_pbkdf
  ed25519
  net-scp
  rake
  rss
  taglib-ruby
  whenever

BUNDLED WITH
   2.2.33
