GEM
  remote: https://rubygems.org/
  specs:
    bcrypt_pbkdf (1.1.1)
    bcrypt_pbkdf (1.1.1-arm64-darwin)
    bcrypt_pbkdf (1.1.1-x86_64-darwin)
    chronic (0.10.2)
    ed25519 (1.3.0)
    net-scp (4.0.0)
      net-ssh (>= 2.6.5, < 8.0.0)
    net-ssh (7.3.0)
    rake (13.2.1)
    rexml (3.3.9)
    rss (0.3.1)
      rexml
    taglib-ruby (1.1.3)
    whenever (1.0.0)
      chronic (>= 0.6.3)

PLATFORMS
  arm64-darwin-24
  x86_64-darwin-22
  x86_64-linux

DEPENDENCIES
  bcrypt_pbkdf
  ed25519
  net-scp
  rake
  rss
  taglib-ruby (~> 1.1.3)
  whenever

RUBY VERSION
   ruby 3.3.6p108

BUNDLED WITH
   2.5.22
