GEM
  remote: https://rubygems.org/
  specs:
    net-scp (1.1.2)
      net-ssh (>= 2.6.5)
    net-ssh (2.8.0)
    rake (0.9.2.2)
    taglib-ruby (0.6.0)

PLATFORMS
  ruby

DEPENDENCIES
  net-scp (~> 1.1.2)
  rake
  taglib-ruby (~> 0.6.0)
