GEM
  remote: http://rubygems.org/
  specs:
    id3lib-ruby (0.6.0)
    net-scp (1.0.4)
      net-ssh (>= 1.99.1)
    net-ssh (2.5.2)

PLATFORMS
  ruby

DEPENDENCIES
  id3lib-ruby (~> 0.6.0)
  net-scp (~> 1.0.4)
